GEM
  remote: https://rubygems.org/
  specs:
    daemons (1.2.4)
    eventmachine (1.2.0.1)
    pg (0.18.4)
    rack (1.6.4)
    rack-parser (0.6.1)
      rack
    rack-protection (1.5.3)
      rack
    sequel (4.38.0)
    sinatra (1.4.7)
      rack (~> 1.5)
      rack-protection (~> 1.4)
      tilt (>= 1.3, < 3)
    thin (1.7.0)
      daemons (~> 1.0, >= 1.0.9)
      eventmachine (~> 1.0, >= 1.0.4)
      rack (>= 1, < 3)
    tilt (2.0.5)

PLATFORMS
  ruby

DEPENDENCIES
  pg (~> 0.18.4)
  rack-parser (~> 0.6.1)
  sequel
  sinatra
  thin

BUNDLED WITH
   1.13.6
